GEM
  remote: https://rubygems.org/
  specs:
    anemone (0.7.2)
      nokogiri (>= 1.3.0)
      robotex (>= 1.0.0)
    mini_portile2 (2.2.0)
    nokogiri (1.8.0)
      mini_portile2 (~> 2.2.0)
    robotex (1.0.0)

PLATFORMS
  ruby

DEPENDENCIES
  anemone

BUNDLED WITH
   1.13.6
