GEM
  remote: https://rubygems.org/
  specs:
    anemone (0.7.2)
      nokogiri (>= 1.3.0)
      robotex (>= 1.0.0)
    coderay (1.1.1)
    method_source (0.8.2)
    mini_portile2 (2.2.0)
    nokogiri (1.8.0)
      mini_portile2 (~> 2.2.0)
    pry (0.10.4)
      coderay (~> 1.1.0)
      method_source (~> 0.8.1)
      slop (~> 3.4)
    robotex (1.0.0)
    slop (3.6.0)

PLATFORMS
  ruby

DEPENDENCIES
  anemone
  pry

BUNDLED WITH
   1.13.6
